GEM
  remote: http://rubygems.org/
  specs:
    daemons (1.1.4)
    foreman (0.30.1)
      term-ansicolor (~> 1.0.5)
      thor (>= 0.13.6)
    git (1.2.5)
    httparty (0.8.1)
      multi_json
      multi_xml
    jeweler (1.5.2)
      bundler (~> 1.0.0)
      git (>= 1.2.5)
      rake
    macaddr (1.5.0)
      systemu (>= 2.4.0)
    multi_json (1.0.4)
    multi_xml (0.4.1)
    rake (0.9.2.2)
    rcov (0.9.11)
    shoulda (2.11.3)
    systemu (2.4.2)
    term-ansicolor (1.0.7)
    thor (0.14.6)

PLATFORMS
  ruby

DEPENDENCIES
  bundler (~> 1.0.0)
  daemons
  foreman
  httparty
  jeweler (~> 1.5.2)
  macaddr
  rcov
  shoulda
