GEM
  remote: http://rubygems.org/
  specs:
    git (1.2.5)
    httparty (0.8.1)
      multi_json
      multi_xml
    jeweler (1.5.2)
      bundler (~> 1.0.0)
      git (>= 1.2.5)
      rake
    multi_json (1.0.4)
    multi_xml (0.4.1)
    rake (0.9.2.2)
    rcov (0.9.11)
    shoulda (2.11.3)

PLATFORMS
  ruby

DEPENDENCIES
  bundler (~> 1.0.0)
  httparty
  jeweler (~> 1.5.2)
  rcov
  shoulda
